PATH
  remote: .
  specs:
    cajueiro_weather_station (0.1.0)
      aws-sdk-s3 (~> 1.113, >= 1.113.2)
      gruff (~> 0.14.0)
      serialport (~> 1.3)

GEM
  remote: https://rubygems.org/
  specs:
    aws-eventstream (1.2.0)
    aws-partitions (1.581.0)
    aws-sdk-core (3.130.2)
      aws-eventstream (~> 1, >= 1.0.2)
      aws-partitions (~> 1, >= 1.525.0)
      aws-sigv4 (~> 1.1)
      jmespath (~> 1.0)
    aws-sdk-kms (1.56.0)
      aws-sdk-core (~> 3, >= 3.127.0)
      aws-sigv4 (~> 1.1)
    aws-sdk-s3 (1.113.2)
      aws-sdk-core (~> 3, >= 3.127.0)
      aws-sdk-kms (~> 1)
      aws-sigv4 (~> 1.4)
    aws-sigv4 (1.5.0)
      aws-eventstream (~> 1, >= 1.0.2)
    gruff (0.14.0)
      histogram
      rmagick
    histogram (0.2.4.1)
    jmespath (1.6.1)
    rake (12.3.3)
    rmagick (4.2.3)
    serialport (1.3.1)

PLATFORMS
  x86_64-linux

DEPENDENCIES
  cajueiro_weather_station!
  rake (~> 12.0)

BUNDLED WITH
   2.3.11
